GEM
  remote: https://rubygems.org/
  specs:
    addressable (2.3.5)
    awesome_print (1.1.0)
    coderay (1.0.9)
    cookiejar (0.3.0)
    dotenv (0.9.0)
    em-cometio-client (0.1.1)
      em-http-request
      event_emitter (>= 0.2.0)
      eventmachine
      json
    em-http-request (1.1.1)
      addressable (>= 2.3.4)
      cookiejar
      em-socksify (>= 0.3)
      eventmachine (>= 1.0.3)
      http_parser.rb (>= 0.6.0.beta.2)
    em-rocketio-client (0.1.2)
      em-cometio-client
      em-http-request
      em-websocketio-client
      event_emitter
      eventmachine
    em-rocketio-linda-client (1.0.0)
      em-rocketio-client
      event_emitter
      eventmachine
      hashie
    em-socksify (0.3.0)
      eventmachine (>= 1.0.0.beta.4)
    em-websocket-client (0.1.2)
      eventmachine
      websocket
    em-websocketio-client (0.0.4)
      em-websocket-client (= 0.1.2)
      event_emitter
      eventmachine
      json
    event_emitter (0.2.5)
    eventmachine (1.0.3)
    foreman (0.63.0)
      dotenv (>= 0.7)
      thor (>= 0.13.6)
    hashie (2.0.5)
    http_parser.rb (0.6.0.beta.2)
    json (1.8.1)
    leapmotion (0.0.4)
      event_emitter
      hashie
      json
      websocket-client-simple
    method_source (0.8.2)
    pry (0.9.12.2)
      coderay (~> 1.0.5)
      method_source (~> 0.8)
      slop (~> 3.4)
    slop (3.4.6)
    thor (0.18.1)
    websocket (1.1.2)
    websocket-client-simple (0.0.5)
      event_emitter
      websocket

PLATFORMS
  ruby

DEPENDENCIES
  awesome_print
  em-rocketio-linda-client
  foreman
  leapmotion
  pry
